GEM
  remote: https://rubygems.org/
  specs:
    celluloid (0.15.2)
      timers (~> 1.1.0)
    celluloid-io (0.15.0)
      celluloid (>= 0.15.0)
      nio4r (>= 0.5.0)
    moped (1.5.1)
    nio4r (0.5.0)
    timers (1.1.0)

PLATFORMS
  ruby

DEPENDENCIES
  celluloid
  celluloid-io
  moped
